PATH
  remote: .
  specs:
    super_model (0.0.1pre)
      active_support (~> 3.0.0)
      version (~> 1.0.0)

GEM
  remote: http://rubygems.org/
  specs:
    active_support (3.0.0)
      activesupport (= 3.0.0)
    activesupport (3.0.0)
    coderay (1.0.8)
    diff-lcs (1.1.3)
    fuubar (1.1.0)
      rspec (~> 2.0)
      rspec-instafail (~> 0.2.0)
      ruby-progressbar (~> 1.0.0)
    github-markup (0.7.5)
    guard (1.6.2)
      listen (>= 0.6.0)
      lumberjack (>= 1.0.2)
      pry (>= 0.9.10)
      terminal-table (>= 1.4.3)
      thor (>= 0.14.6)
    guard-rspec (2.4.1)
      guard (>= 1.1)
      rspec (~> 2.11)
    guard-yard (2.0.1)
      guard (>= 1.1.0)
      yard (>= 0.7.0)
    listen (0.7.2)
    lumberjack (1.0.2)
    method_source (0.8.1)
    pry (0.9.12)
      coderay (~> 1.0.5)
      method_source (~> 0.8)
      slop (~> 3.4)
    rb-fsevent (0.9.3)
    redcarpet (2.2.2)
    rspec (2.12.0)
      rspec-core (~> 2.12.0)
      rspec-expectations (~> 2.12.0)
      rspec-mocks (~> 2.12.0)
    rspec-core (2.12.2)
    rspec-expectations (2.12.1)
      diff-lcs (~> 1.1.3)
    rspec-instafail (0.2.4)
    rspec-mocks (2.12.2)
    ruby-progressbar (1.0.2)
    slop (3.4.3)
    terminal-table (1.4.5)
    thor (0.17.0)
    version (1.0.0)
    yard (0.8.4.1)

PLATFORMS
  ruby

DEPENDENCIES
  fuubar (~> 1.1.0)
  github-markup (~> 0.7.5)
  guard-rspec (~> 2.4.1)
  guard-yard (~> 2.0.1)
  rb-fsevent (~> 0.9.3)
  redcarpet (~> 2.2.2)
  super_model!
